GEM
  remote: https://rubygems.org/
  specs:
    google-protobuf (3.12.2)
    googleapis-common-protos-types (1.0.5)
      google-protobuf (~> 3.11)
    grpc (1.30.0.pre1-universal-darwin)
      google-protobuf (~> 3.12)
      googleapis-common-protos-types (~> 1.0)

PLATFORMS
  ruby

DEPENDENCIES
  google-protobuf
  grpc (~> 1.30.0.pre1)

RUBY VERSION
   ruby 2.7.0p0

BUNDLED WITH
   2.1.2
