GEM
  remote: https://rubygems.org/
  specs:
    google-protobuf (3.12.2)
    googleapis-common-protos-types (1.0.5)
      google-protobuf (~> 3.11)
    grpc (1.28.0)
      google-protobuf (~> 3.11)
      googleapis-common-protos-types (~> 1.0)

PLATFORMS
  ruby

DEPENDENCIES
  google-protobuf
  grpc

RUBY VERSION
   ruby 2.7.0p0

BUNDLED WITH
   2.1.2
